PATH
  remote: .
  specs:
    static_site_builder (0.5.0)
      redcarpet (~> 3.4)
      thor (~> 1.1)

GEM
  remote: https://rubygems.org/
  specs:
    byebug (11.1.3)
    coderay (1.1.3)
    method_source (1.0.0)
    minitest (5.14.4)
    pry (0.14.1)
      coderay (~> 1.1)
      method_source (~> 1.0)
    rake (13.0.6)
    redcarpet (3.5.1)
    thor (1.1.0)
    yart (0.1.0)

PLATFORMS
  ruby
  x86_64-linux

DEPENDENCIES
  bundler (~> 2.0)
  byebug (~> 11.1)
  minitest (~> 5.11)
  pry (~> 0.12)
  rake (~> 13.0)
  static_site_builder!
  yart (~> 0.1)

RUBY VERSION
   ruby 2.7.0p0

BUNDLED WITH
   2.2.16
