PATH
  remote: .
  specs:
    static_site_builder (0.3.0)
      redcarpet (~> 3.4)
      thor (~> 0.20)

GEM
  remote: https://rubygems.org/
  specs:
    coderay (1.1.2)
    method_source (0.9.2)
    minitest (5.11.3)
    pry (0.12.2)
      coderay (~> 1.1.0)
      method_source (~> 0.9.0)
    rake (12.3.2)
    redcarpet (3.4.0)
    thor (0.20.3)

PLATFORMS
  ruby

DEPENDENCIES
  bundler (~> 2.0)
  minitest (~> 5.11)
  pry (~> 0.12)
  rake (~> 12.3)
  static_site_builder!

BUNDLED WITH
   2.0.1
